PATH
  remote: .
  specs:
    app-tester (0.0.1)
      faraday (>= 0.8.4)
      json (>= 1.7.5)

GEM
  remote: https://rubygems.org/
  specs:
    faraday (0.8.4)
      multipart-post (~> 1.1)
    json (1.7.5)
    multipart-post (1.1.5)

PLATFORMS
  ruby

DEPENDENCIES
  app-tester!
