PATH
  remote: .
  specs:
    app-tester (0.1.4)
      faraday (>= 0.8.4)
      json (>= 1.7.5)
      rspec (>= 2.11.0)
      rspec-expectations (>= 2.11.3)

GEM
  remote: https://rubygems.org/
  specs:
    diff-lcs (1.1.3)
    faraday (0.8.4)
      multipart-post (~> 1.1)
    json (1.7.5)
    multipart-post (1.1.5)
    rake (0.9.2.2)
    rspec (2.11.0)
      rspec-core (~> 2.11.0)
      rspec-expectations (~> 2.11.0)
      rspec-mocks (~> 2.11.0)
    rspec-core (2.11.1)
    rspec-expectations (2.11.3)
      diff-lcs (~> 1.1.3)
    rspec-mocks (2.11.2)

PLATFORMS
  ruby

DEPENDENCIES
  app-tester!
  rake
  rspec
